GEM
  remote: https://rubygems.org/
  specs:
    inifile (2.0.2)
    rake (10.0.3)

PLATFORMS
  ruby

DEPENDENCIES
  inifile
  rake
